GIT
  remote: git://github.com/adhearsion/adhearsion.git
  revision: dd4d3927621721cd53c6ab5c024f2323db4a8390
  branch: develop
  specs:
    adhearsion (2.3.4)
      activesupport (~> 3.0)
      adhearsion-loquacious (~> 1.9)
      bundler (~> 1.0)
      celluloid (~> 0.14)
      countdownlatch
      deep_merge
      ffi (~> 1.0)
      girl_friday
      has-guarded-handlers (~> 1.5)
      logging (~> 1.8)
      pry
      punchblock (~> 1.4)
      rake
      ruby_speech (~> 1.0)
      thor (~> 0.18.0)

GIT
  remote: git://github.com/adhearsion/punchblock.git
  revision: 7e91fce1f9b7dba848c64dc52eace9bf755367b5
  branch: develop
  specs:
    punchblock (1.9.3)
      activesupport (~> 3.0)
      blather (>= 0.7.0)
      celluloid (~> 0.14)
      future-resource (~> 1.0)
      has-guarded-handlers (~> 1.5)
      niceogiri (~> 1.1)
      nokogiri (~> 1.5, >= 1.5.6)
      ruby_ami (~> 2.0)
      ruby_fs (~> 1.1)
      ruby_speech (~> 1.0)
      state_machine (~> 1.0)

GEM
  remote: https://rubygems.org/
  specs:
    activesupport (3.2.13)
      i18n (= 0.6.1)
      multi_json (~> 1.0)
    adhearsion-loquacious (1.9.3)
    blather (0.8.4)
      activesupport (>= 2.3.11)
      eventmachine (>= 1.0.0)
      girl_friday
      niceogiri (~> 1.0)
      nokogiri (~> 1.5, >= 1.5.6)
    celluloid (0.14.0)
      timers (>= 1.0.0)
    celluloid-io (0.14.0)
      celluloid (>= 0.13.0)
      nio4r (>= 0.4.5)
    coderay (1.0.9)
    connection_pool (1.0.0)
    countdownlatch (1.0.0)
    deep_merge (1.0.0)
    diff-lcs (1.2.1)
    eventmachine (1.0.3)
    eventmachine (1.0.3-java)
    ffi (1.8.1)
    ffi (1.8.1-java)
    future-resource (1.0.0)
    girl_friday (0.11.2)
      connection_pool (~> 1.0)
      rubinius-actor
    has-guarded-handlers (1.5.0)
    i18n (0.6.1)
    json (1.8.0)
    json (1.8.0-java)
    little-plugger (1.1.3)
    logging (1.8.1)
      little-plugger (>= 1.1.3)
      multi_json (>= 1.3.6)
    method_source (0.8.1)
    multi_json (1.7.4)
    niceogiri (1.1.2)
      nokogiri (~> 1.5)
    nio4r (0.4.6)
    nio4r (0.4.6-java)
    nokogiri (1.5.9)
    nokogiri (1.5.9-java)
    pry (0.9.12.2)
      coderay (~> 1.0.5)
      method_source (~> 0.8)
      slop (~> 3.4)
    pry (0.9.12.2-java)
      coderay (~> 1.0.5)
      method_source (~> 0.8)
      slop (~> 3.4)
      spoon (~> 0.0)
    rake (10.0.4)
    rspec (2.13.0)
      rspec-core (~> 2.13.0)
      rspec-expectations (~> 2.13.0)
      rspec-mocks (~> 2.13.0)
    rspec-core (2.13.0)
    rspec-expectations (2.13.0)
      diff-lcs (>= 1.1.3, < 2.0)
    rspec-mocks (2.13.0)
    rubinius-actor (0.0.2)
      rubinius-core-api
    rubinius-core-api (0.0.1)
    rubinius-core-api (0.0.1-java)
    ruby_ami (2.0.0)
      celluloid-io (~> 0.13)
    ruby_fs (1.1.0)
      celluloid-io (~> 0.13)
      json
    ruby_speech (1.1.0)
      activesupport (>= 3.0.7)
      niceogiri (~> 1.1, >= 1.1.1)
      nokogiri (~> 1.5, >= 1.5.6)
    slop (3.4.5)
    spoon (0.0.4)
      ffi
    state_machine (1.2.0)
    thor (0.18.1)
    timers (1.1.0)

PLATFORMS
  java
  ruby

DEPENDENCIES
  adhearsion!
  punchblock!
  rspec
